GEM
  remote: https://rubygems.org/
  specs:
    activesupport (4.0.2)
      i18n (~> 0.6, >= 0.6.4)
      minitest (~> 4.2)
      multi_json (~> 1.3)
      thread_safe (~> 0.1)
      tzinfo (~> 0.3.37)
    atomic (1.1.14)
    diff-lcs (1.2.4)
    elasticsearch-ruby (0.0.4)
      activesupport (>= 3.0.0)
      thrift
    i18n (0.6.9)
    minitest (4.7.5)
    multi_json (1.8.4)
    redis (3.0.7)
    rspec (2.13.0)
      rspec-core (~> 2.13.0)
      rspec-expectations (~> 2.13.0)
      rspec-mocks (~> 2.13.0)
    rspec-core (2.13.1)
    rspec-expectations (2.13.0)
      diff-lcs (>= 1.1.3, < 2.0)
    rspec-mocks (2.13.1)
    thread_safe (0.1.3)
      atomic
    thrift (0.9.1)
    tzinfo (0.3.38)

PLATFORMS
  ruby

DEPENDENCIES
  elasticsearch-ruby
  redis
  rspec
